GEM
  remote: https://rubygems.org/
  specs:
    backports (3.10.3)
    multi_json (1.12.2)
    mustermann (1.0.1)
    oj (3.3.9)
    rack (2.0.8)
    rack-protection (2.0.0)
      rack
    sinatra (2.0.0)
      mustermann (~> 1.0)
      rack (~> 2.0)
      rack-protection (= 2.0.0)
      tilt (~> 2.0)
    sinatra-contrib (2.0.0)
      backports (>= 2.0)
      multi_json
      mustermann (~> 1.0)
      rack-protection (= 2.0.0)
      sinatra (= 2.0.0)
      tilt (>= 1.3, < 3)
    tilt (2.0.8)

PLATFORMS
  ruby

DEPENDENCIES
  oj
  sinatra
  sinatra-contrib

RUBY VERSION
   ruby 2.4.2p198

BUNDLED WITH
   1.16.0
